PATH
  remote: .
  specs:
    towsta (2.0.10)
      active_support
      bresson
      cameraman
      dalli
      json

GEM
  remote: http://rubygems.org/
  specs:
    active_support (3.0.0)
      activesupport (= 3.0.0)
    activesupport (3.0.0)
    bresson (0.0.5)
      flickraw
    cameraman (0.0.2)
    dalli (1.1.5)
    diff-lcs (1.1.3)
    flickraw (0.9.5)
    json (1.6.5)
    rspec (2.8.0)
      rspec-core (~> 2.8.0)
      rspec-expectations (~> 2.8.0)
      rspec-mocks (~> 2.8.0)
    rspec-core (2.8.0)
    rspec-expectations (2.8.0)
      diff-lcs (~> 1.1.2)
    rspec-mocks (2.8.0)

PLATFORMS
  ruby
  x86-mingw32

DEPENDENCIES
  rspec
  towsta!
